GEM
  remote: https://rubygems.org/
  specs:
    bcrypt (3.1.19)

PLATFORMS
  ruby

DEPENDENCIES
  bcrypt (= 3.1.19)

BUNDLED WITH
   2.3.7
